GEM
  remote: https://rubygems.org/
  specs:
    double-bag-ftps (0.1.4)

PLATFORMS
  ruby

DEPENDENCIES
  double-bag-ftps

BUNDLED WITH
   2.1.4
